PATH
  remote: ../..
  specs:
    mini-rails (0.1.0)

GEM
  remote: https://rubygems.org/
  specs:

PLATFORMS
  ruby

DEPENDENCIES
  mini-rails!

BUNDLED WITH
   2.1.4
